REDIRECTS: ON
RESTRICTION: >= net46
NUGET
  remote: https://www.nuget.org/api/v2
    FSharp.Core (4.2.3)
    MathNet.Numerics (3.20)
    MathNet.Numerics.FSharp (3.20)
      FSharp.Core (>= 3.1.2.5)
      MathNet.Numerics (3.20)
